GEM
  remote: https://rubygems.org/
  specs:
    CFPropertyList (2.2.8)
    aws-sdk (2.0.23)
      aws-sdk-resources (= 2.0.23)
    aws-sdk-core (2.0.23)
      builder (~> 3.0)
      jmespath (~> 1.0)
      multi_json (~> 1.0)
      multi_xml (~> 0.5)
    aws-sdk-resources (2.0.23)
      aws-sdk-core (= 2.0.23)
    builder (3.2.2)
    colored (1.2)
    cri (2.6.1)
      colored (~> 1.2)
    facter (2.4.1)
      CFPropertyList (~> 2.2.6)
    faraday (0.8.9)
      multipart-post (~> 1.2.0)
    faraday_middleware (0.9.1)
      faraday (>= 0.7.4, < 0.10)
    faraday_middleware-multi_json (0.0.6)
      faraday_middleware
      multi_json
    git (1.2.9.1)
    hiera (1.3.4)
      json_pure
    jmespath (1.0.2)
      multi_json (~> 1.0)
    json_pure (1.8.2)
    log4r (1.1.10)
    multi_json (1.8.4)
    multi_xml (0.5.5)
    multipart-post (1.2.0)
    os (0.9.6)
    puppet (3.7.4)
      facter (> 1.6, < 3)
      hiera (~> 1.0)
      json_pure
    r10k (1.4.1)
      colored (= 1.2)
      cri (~> 2.6.1)
      faraday (~> 0.8.8)
      faraday_middleware (~> 0.9.0)
      faraday_middleware-multi_json (~> 0.0.5)
      json_pure (~> 1.8)
      log4r (= 1.1.10)
      multi_json (~> 1.8.2)
      systemu (~> 2.5.2)
    systemu (2.5.2)

PLATFORMS
  ruby

DEPENDENCIES
  aws-sdk (>= 2.0.0)
  git
  os
  puppet
  r10k
